PATH
  remote: .
  specs:
    nhl_stat_leaders (0.1.0)
      nokogiri
      terminal-table

GEM
  remote: https://rubygems.org/
  specs:
    coderay (1.1.2)
    method_source (0.9.0)
    mini_portile2 (2.3.0)
    nokogiri (1.8.5-x64-mingw32)
      mini_portile2 (~> 2.3.0)
    pry (0.11.3)
      coderay (~> 1.1.0)
      method_source (~> 0.9.0)
    rake (10.5.0)
    terminal-table (1.8.0)
      unicode-display_width (~> 1.1, >= 1.1.1)
    unicode-display_width (1.4.0)

PLATFORMS
  x64-mingw32

DEPENDENCIES
  bundler (~> 1.16)
  nhl_stat_leaders!
  pry
  rake (~> 10.0)

BUNDLED WITH
   1.16.6
